GEM
  remote: https://rubygems.org/
  specs:
    nio4r (2.7.1)
    puma (6.4.2)
      nio4r (~> 2.0)
    rack (2.2.9)
    rulers (0.0.1)
      rack (~> 2.2)

PLATFORMS
  arm64-darwin-22

DEPENDENCIES
  puma
  rulers

BUNDLED WITH
   2.4.22
